GEM
  remote: http://rubygems.org/
  specs:
    open4 (1.0.1)
    rake (0.8.7)
    uispecrunner (0.4.0)
      open4 (= 1.0.1)

PLATFORMS
  ruby

DEPENDENCIES
  bundler (~> 1.0.0)
  rake
  uispecrunner (>= 0.4.0)

METADATA
  version: 1.0.6
