GIT
  remote: git://github.com/GateGuru/xcoder.git
  revision: 01c76b85b3f69039ea02f74d0e853e15a227f291
  branch: gateguru
  specs:
    xcoder (0.1.10)
      builder
      json
      nokogiri
      plist
      rest-client

GIT
  remote: git://github.com/RestKit/RestKit-Gem.git
  revision: b8fa45c770b20b8b07f18027f14d7b2a4261a43b
  specs:
    restkit (0.0.0)

GIT
  remote: git://github.com/sinatra/sinatra.git
  revision: 0bf6b92cedd86df89068b3c0b1b0f58ad28287eb
  specs:
    sinatra (1.4.0)
      rack (~> 1.3, >= 1.3.6)
      rack-protection (~> 1.2)
      tilt (~> 1.3, >= 1.3.3)

GEM
  remote: http://rubygems.org/
  specs:
    builder (3.0.0)
    daemons (1.1.4)
    eventmachine (0.12.10)
    json (1.6.6)
    mime-types (1.18)
    nokogiri (1.5.2)
    plist (3.1.0)
    rack (1.4.1)
    rack-protection (1.2.0)
      rack
    rake (0.9.2.2)
    rest-client (1.6.7)
      mime-types (>= 1.16)
    thin (1.3.1)
      daemons (>= 1.0.9)
      eventmachine (>= 0.12.6)
      rack (>= 1.0.0)
    tilt (1.3.3)

PLATFORMS
  ruby

DEPENDENCIES
  bundler (~> 1.1.0)
  rake (~> 0.9.0)
  restkit!
  sinatra!
  thin (~> 1.3.1)
  xcoder!
