GEM
  remote: http://rubygems.org/
  specs:
    open4 (1.0.1)
    rack (1.2.1)
    rake (0.8.7)
    sinatra (1.2.0)
      rack (~> 1.1)
      tilt (>= 1.2.2, < 2.0)
    tilt (1.2.2)
    uispecrunner (0.4.0)
      open4 (= 1.0.1)

PLATFORMS
  ruby

DEPENDENCIES
  bundler (~> 1.0.0)
  rake
  sinatra (>= 1.2.0)
  uispecrunner (>= 0.4.0)

METADATA
  version: 1.0.6
